GEM
  remote: http://rubygems.org/
  specs:
    coderay (1.0.6)
    diff-lcs (1.1.3)
    hoe (3.0.3)
      rake (~> 0.8)
    json (1.6.6)
    method_source (0.7.1)
    pry (0.9.9.3)
      coderay (~> 1.0.5)
      method_source (~> 0.7.1)
      slop (>= 2.4.4, < 3)
    rake (0.9.2.2)
    rdoc (3.12)
      json (~> 1.4)
    rspec (2.9.0)
      rspec-core (~> 2.9.0)
      rspec-expectations (~> 2.9.0)
      rspec-mocks (~> 2.9.0)
    rspec-core (2.9.0)
    rspec-expectations (2.9.1)
      diff-lcs (~> 1.1.3)
    rspec-mocks (2.9.0)
    slop (2.4.4)

PLATFORMS
  ruby

DEPENDENCIES
  hoe (~> 3.0)
  pry
  rdoc (~> 3.10)
  rspec
